PATH
  remote: .
  specs:
    cloud-maker (0.2.0.pre2)
      colorize
      deep_merge (~> 1.0)
      right_aws (~> 3.0)
      thor (~> 0.15)

GEM
  remote: https://rubygems.org/
  specs:
    coderay (1.0.7)
    colorize (0.5.8)
    deep_merge (1.0.0)
    method_source (0.7.1)
    pry (0.9.9.6)
      coderay (~> 1.0.5)
      method_source (~> 0.7.1)
      slop (>= 2.4.4, < 3)
    right_aws (3.0.4)
      right_http_connection (>= 1.2.5)
    right_http_connection (1.3.0)
    slop (2.4.4)
    thor (0.15.4)

PLATFORMS
  ruby

DEPENDENCIES
  cloud-maker!
  pry
