PATH
  remote: .
  specs:
    cloud-maker (0.0.0)

GEM
  remote: https://rubygems.org/
  specs:
    colorize (0.5.8)
    right_aws (3.0.4)
      right_http_connection (>= 1.2.5)
    right_http_connection (1.3.0)
    thor (0.15.4)

PLATFORMS
  ruby

DEPENDENCIES
  cloud-maker!
  colorize
  right_aws
  thor
